GEM
  remote: http://rubygems.org/
  specs:
    ast (1.1.0)
    atk (2.1.0)
      glib2 (= 2.1.0)
    cairo (1.12.8)
      pkg-config
    celluloid (0.15.2)
      timers (~> 1.1.0)
    celluloid-io (0.15.0)
      celluloid (>= 0.15.0)
      nio4r (>= 0.5.0)
    coderay (1.1.0)
    diff-lcs (1.2.5)
    ffi (1.9.3)
    formatador (0.2.4)
    gdk3 (2.1.0)
      gdk_pixbuf2 (= 2.1.0)
      pango (= 2.1.0)
    gdk_pixbuf2 (2.1.0)
      glib2 (= 2.1.0)
    gio2 (2.1.0)
      glib2 (= 2.1.0)
    glib2 (2.1.0)
      pkg-config
    gtk3 (2.1.0)
      atk (= 2.1.0)
      gdk3 (= 2.1.0)
      gdk_pixbuf2 (= 2.1.0)
      gio2 (= 2.1.0)
      glib2 (= 2.1.0)
      pango (= 2.1.0)
    guard (2.5.1)
      formatador (>= 0.2.4)
      listen (~> 2.6)
      lumberjack (~> 1.0)
      pry (>= 0.9.12)
      thor (>= 0.18.1)
    guard-rspec (4.2.7)
      guard (~> 2.1)
      rspec (>= 2.14, < 4.0)
    guard-rubocop (1.0.2)
      guard (~> 2.0)
      rubocop (~> 0.10)
    json (1.8.1)
    libnotify (0.8.2)
      ffi (>= 1.0.11)
    listen (2.6.1)
      celluloid (>= 0.15.2)
      celluloid-io (>= 0.15.0)
      rb-fsevent (>= 0.9.3)
      rb-inotify (>= 0.9)
    lumberjack (1.0.4)
    method_source (0.8.2)
    nio4r (1.0.0)
    pango (2.1.0)
      cairo (>= 1.12.5)
      glib2 (= 2.1.0)
    parser (2.1.5)
      ast (~> 1.1)
      slop (~> 3.4, >= 3.4.5)
    pkg-config (1.1.5)
    powerpack (0.0.9)
    pry (0.9.12.6)
      coderay (~> 1.0)
      method_source (~> 0.8)
      slop (~> 3.4)
    rainbow (2.0.0)
    rake (10.1.1)
    rake-compiler (0.9.2)
      rake
    rapngasm (3.0.0)
      rake-compiler
      rice
    rb-fsevent (0.9.4)
    rb-inotify (0.9.3)
      ffi (>= 0.5.0)
    rice (1.6.0)
    rspec (2.14.1)
      rspec-core (~> 2.14.0)
      rspec-expectations (~> 2.14.0)
      rspec-mocks (~> 2.14.0)
    rspec-core (2.14.7)
    rspec-expectations (2.14.5)
      diff-lcs (>= 1.1.3, < 2.0)
    rspec-mocks (2.14.6)
    rubocop (0.18.1)
      json (>= 1.7.7, < 2)
      parser (~> 2.1.3)
      powerpack (~> 0.0.6)
      rainbow (>= 1.99.1, < 3.0)
    slop (3.4.7)
    thor (0.18.1)
    timers (1.1.0)

PLATFORMS
  ruby

DEPENDENCIES
  gtk3
  guard
  guard-rspec
  guard-rubocop
  libnotify
  rapngasm
  rubocop
