GEM
  remote: http://rubygems.org/
  specs:
    ast (1.1.0)
    atk (2.0.2)
      glib2 (= 2.0.2)
    cairo (1.12.6)
      pkg-config
    celluloid (0.15.2)
      timers (~> 1.1.0)
    coderay (1.1.0)
    diff-lcs (1.2.5)
    ffi (1.9.3)
    formatador (0.2.4)
    gdk3 (2.0.2)
      gdk_pixbuf2 (= 2.0.2)
      pango (= 2.0.2)
    gdk_pixbuf2 (2.0.2)
      glib2 (= 2.0.2)
    gio2 (2.0.2)
      glib2 (= 2.0.2)
    glib2 (2.0.2)
      pkg-config
    gtk3 (2.0.2)
      atk (= 2.0.2)
      gdk3 (= 2.0.2)
      gdk_pixbuf2 (= 2.0.2)
      gio2 (= 2.0.2)
      glib2 (= 2.0.2)
      pango (= 2.0.2)
    guard (2.2.5)
      formatador (>= 0.2.4)
      listen (~> 2.1)
      lumberjack (~> 1.0)
      pry (>= 0.9.12)
      thor (>= 0.18.1)
    guard-rspec (4.2.0)
      guard (>= 2.1.1)
      rspec (>= 2.14, < 4.0)
    guard-rubocop (1.0.1)
      guard (~> 2.0)
      rubocop (~> 0.10)
    libnotify (0.8.2)
      ffi (>= 1.0.11)
    listen (2.4.0)
      celluloid (>= 0.15.2)
      rb-fsevent (>= 0.9.3)
      rb-inotify (>= 0.9)
    lumberjack (1.0.4)
    method_source (0.8.2)
    pango (2.0.2)
      cairo (>= 1.12.5)
      glib2 (= 2.0.2)
    parser (2.0.0)
      ast (~> 1.1)
      slop (~> 3.4, >= 3.4.5)
    pkg-config (1.1.4)
    powerpack (0.0.9)
    pry (0.9.12.4)
      coderay (~> 1.0)
      method_source (~> 0.8)
      slop (~> 3.4)
    rainbow (1.1.4)
    rapngasm (0.0.1)
    rb-fsevent (0.9.3)
    rb-inotify (0.9.3)
      ffi (>= 0.5.0)
    rspec (2.14.1)
      rspec-core (~> 2.14.0)
      rspec-expectations (~> 2.14.0)
      rspec-mocks (~> 2.14.0)
    rspec-core (2.14.7)
    rspec-expectations (2.14.4)
      diff-lcs (>= 1.1.3, < 2.0)
    rspec-mocks (2.14.4)
    rubocop (0.15.0)
      parser (~> 2.0)
      powerpack (~> 0.0.6)
      rainbow (>= 1.1.4)
    slop (3.4.7)
    thor (0.18.1)
    timers (1.1.0)

PLATFORMS
  ruby

DEPENDENCIES
  gtk3
  guard
  guard-rspec
  guard-rubocop
  libnotify
  rapngasm
  rubocop
